GEM
  remote: https://rubygems.org/
  specs:
    aws-sdk (1.8.5)
      json (~> 1.4)
      nokogiri (>= 1.4.4)
      uuidtools (~> 2.1)
    colored (1.2)
    configure-s3-website (1.5.0)
      deep_merge (= 1.0.0)
    deep_merge (1.0.0)
    erubis (2.7.0)
    filey-diff (1.4.2)
    json (1.8.1)
    mime-types (1.19)
    mini_portile (0.5.1)
    nokogiri (1.6.0)
      mini_portile (~> 0.5.0)
    s3_website (1.4.5)
      aws-sdk (~> 1.8.5)
      configure-s3-website (~> 1)
      erubis (~> 2.7.0)
      filey-diff (~> 1.4.2)
      mime-types (= 1.19)
      simple-cloudfront-invalidator (~> 1)
      thor (= 0.18.1)
    sass (3.2.12)
    simple-cloudfront-invalidator (1.0.1)
      colored (= 1.2)
    thor (0.18.1)
    uuidtools (2.1.4)

PLATFORMS
  ruby

DEPENDENCIES
  s3_website
  sass
